GIT
  remote: https://github.com/diogot/danger-xcode_summary.git
  revision: c4ccba2b65a449c01b7fbaf7b0afcc8799b305ec
  specs:
    danger-xcode_summary (0.0.1)
      danger (~> 2.1)

GIT
  remote: https://github.com/marcelofabri/xcpretty-json-formatter.git
  revision: 2b3b9bf712d0df51741c117d002ec0438fb12928
  specs:
    xcpretty-json-formatter (0.0.2)
      xcpretty (~> 0.2, >= 0.0.7)

GEM
  remote: https://rubygems.org/
  specs:
    addressable (2.4.0)
    claide (1.0.0)
    claide-plugins (0.9.1)
      cork
      nap
      open4 (~> 1.3)
    colored (1.2)
    cork (0.2.0)
      colored (~> 1.2)
    danger (2.1.6)
      claide (~> 1.0)
      claide-plugins (> 0.9.0)
      colored (~> 1.2)
      cork (~> 0.1)
      faraday (~> 0)
      faraday-http-cache (~> 1.0)
      git (~> 1)
      kramdown (~> 1.5)
      octokit (~> 4.2)
      terminal-table (~> 1)
    faraday (0.9.2)
      multipart-post (>= 1.2, < 3)
    faraday-http-cache (1.3.1)
      faraday (~> 0.8)
    git (1.3.0)
    kramdown (1.12.0)
    multipart-post (2.0.0)
    nap (1.1.0)
    octokit (4.3.0)
      sawyer (~> 0.7.0, >= 0.5.3)
    open4 (1.3.4)
    rake (10.5.0)
    rouge (1.11.1)
    sawyer (0.7.0)
      addressable (>= 2.3.5, < 2.5)
      faraday (~> 0.8, < 0.10)
    terminal-table (1.6.0)
    xcpretty (0.2.2)
      rouge (~> 1.8)
    xcpretty-travis-formatter (0.0.4)
      xcpretty (~> 0.2, >= 0.0.7)

PLATFORMS
  ruby

DEPENDENCIES
  danger
  danger-xcode_summary!
  rake
  xcpretty-json-formatter!
  xcpretty-travis-formatter

BUNDLED WITH
   1.12.5
