GIT
  remote: https://github.com/diogot/danger-xcode_summary.git
  revision: 57aa7a92a0955a8930530680f6557c7c5f850255
  specs:
    danger-xcode_summary (0.0.1)
      danger-plugin-api (~> 1.0)

GIT
  remote: https://github.com/marcelofabri/xcpretty-json-formatter.git
  revision: 3df7c3c41c15a207628b91fb94994d886985c84f
  specs:
    xcpretty-json-formatter (0.1.0)
      xcpretty (~> 0.2, >= 0.0.7)

GEM
  remote: https://rubygems.org/
  specs:
    addressable (2.4.0)
    claide (1.0.0)
    claide-plugins (0.9.1)
      cork
      nap
      open4 (~> 1.3)
    colored (1.2)
    cork (0.2.0)
      colored (~> 1.2)
    danger (3.2.1)
      claide (~> 1.0)
      claide-plugins (> 0.9.0)
      colored (~> 1.2)
      cork (~> 0.1)
      faraday (~> 0.9)
      faraday-http-cache (~> 1.0)
      git (~> 1)
      gitlab (~> 3.7.0)
      kramdown (~> 1.5)
      octokit (~> 4.2)
      terminal-table (~> 1)
    danger-plugin-api (1.0.0)
      danger (> 2.0)
    faraday (0.9.2)
      multipart-post (>= 1.2, < 3)
    faraday-http-cache (1.3.1)
      faraday (~> 0.8)
    git (1.3.0)
    gitlab (3.7.0)
      httparty (~> 0.13.0)
      terminal-table
    httparty (0.13.7)
      json (~> 1.8)
      multi_xml (>= 0.5.2)
    json (1.8.3)
    kramdown (1.12.0)
    multi_xml (0.5.5)
    multipart-post (2.0.0)
    nap (1.1.0)
    octokit (4.3.0)
      sawyer (~> 0.7.0, >= 0.5.3)
    open4 (1.3.4)
    rake (11.2.2)
    rouge (1.11.1)
    sawyer (0.7.0)
      addressable (>= 2.3.5, < 2.5)
      faraday (~> 0.8, < 0.10)
    terminal-table (1.7.2)
      unicode-display_width (~> 1.1.1)
    unicode-display_width (1.1.1)
    xcpretty (0.2.2)
      rouge (~> 1.8)
    xcpretty-travis-formatter (0.0.4)
      xcpretty (~> 0.2, >= 0.0.7)

PLATFORMS
  ruby

DEPENDENCIES
  danger
  danger-xcode_summary!
  rake
  xcpretty-json-formatter!
  xcpretty-travis-formatter

BUNDLED WITH
   1.12.5
