GEM
  remote: https://rubygems.org/
  specs:
    CFPropertyList (3.0.0)
    activesupport (4.2.11.1)
      i18n (~> 0.7)
      minitest (~> 5.1)
      thread_safe (~> 0.3, >= 0.3.4)
      tzinfo (~> 1.1)
    addressable (2.5.2)
      public_suffix (>= 2.0.2, < 4.0)
    ast (2.4.0)
    atomos (0.1.3)
    claide (1.0.2)
    claide-plugins (0.9.2)
      cork
      nap
      open4 (~> 1.3)
    cocoapods (1.6.1)
      activesupport (>= 4.0.2, < 5)
      claide (>= 1.0.2, < 2.0)
      cocoapods-core (= 1.6.1)
      cocoapods-deintegrate (>= 1.0.2, < 2.0)
      cocoapods-downloader (>= 1.2.2, < 2.0)
      cocoapods-plugins (>= 1.0.0, < 2.0)
      cocoapods-search (>= 1.0.0, < 2.0)
      cocoapods-stats (>= 1.0.0, < 2.0)
      cocoapods-trunk (>= 1.3.1, < 2.0)
      cocoapods-try (>= 1.1.0, < 2.0)
      colored2 (~> 3.1)
      escape (~> 0.0.4)
      fourflusher (>= 2.2.0, < 3.0)
      gh_inspector (~> 1.0)
      molinillo (~> 0.6.6)
      nap (~> 1.0)
      ruby-macho (~> 1.4)
      xcodeproj (>= 1.8.1, < 2.0)
    cocoapods-core (1.6.1)
      activesupport (>= 4.0.2, < 6)
      fuzzy_match (~> 2.0.4)
      nap (~> 1.0)
    cocoapods-deintegrate (1.0.4)
    cocoapods-downloader (1.2.2)
    cocoapods-plugins (1.0.0)
      nap
    cocoapods-search (1.0.0)
    cocoapods-stats (1.1.0)
    cocoapods-trunk (1.3.1)
      nap (>= 0.8, < 2.0)
      netrc (~> 0.11)
    cocoapods-try (1.1.0)
    colored2 (3.1.2)
    concurrent-ruby (1.1.5)
    cork (0.3.0)
      colored2 (~> 3.1)
    danger (6.0.3)
      claide (~> 1.0)
      claide-plugins (>= 0.9.2)
      colored2 (~> 3.1)
      cork (~> 0.1)
      faraday (~> 0.9)
      faraday-http-cache (~> 1.0)
      git (~> 1.5)
      kramdown (~> 2.0)
      kramdown-parser-gfm (~> 1.0)
      no_proxy_fix
      octokit (~> 4.7)
      terminal-table (~> 1)
    danger-plugin-api (1.0.0)
      danger (> 2.0)
    danger-rubocop (0.6.1)
      danger
      rubocop
    danger-xcode_summary (0.5.0)
      danger-plugin-api (~> 1.0)
    escape (0.0.4)
    faraday (0.15.4)
      multipart-post (>= 1.2, < 3)
    faraday-http-cache (1.3.1)
      faraday (~> 0.8)
    fourflusher (2.2.0)
    fuzzy_match (2.0.4)
    gh_inspector (1.1.3)
    git (1.5.0)
    i18n (0.9.5)
      concurrent-ruby (~> 1.0)
    jaro_winkler (1.5.2)
    kramdown (2.1.0)
    kramdown-parser-gfm (1.0.1)
      kramdown (~> 2.0)
    minitest (5.11.3)
    molinillo (0.6.6)
    multipart-post (2.0.0)
    nanaimo (0.2.6)
    nap (1.1.0)
    netrc (0.11.0)
    no_proxy_fix (0.1.2)
    octokit (4.14.0)
      sawyer (~> 0.8.0, >= 0.5.3)
    open4 (1.3.4)
    parallel (1.17.0)
    parser (2.6.2.1)
      ast (~> 2.4.0)
    plist (3.5.0)
    psych (3.1.0)
    public_suffix (3.0.3)
    rainbow (3.0.0)
    rake (12.3.2)
    rouge (2.0.7)
    rubocop (0.67.2)
      jaro_winkler (~> 1.5.1)
      parallel (~> 1.10)
      parser (>= 2.5, != 2.5.1.1)
      psych (>= 3.1.0)
      rainbow (>= 2.2.2, < 4.0)
      ruby-progressbar (~> 1.7)
      unicode-display_width (>= 1.4.0, < 1.6)
    ruby-macho (1.4.0)
    ruby-progressbar (1.10.0)
    sawyer (0.8.1)
      addressable (>= 2.3.5, < 2.6)
      faraday (~> 0.8, < 1.0)
    terminal-table (1.8.0)
      unicode-display_width (~> 1.1, >= 1.1.1)
    thread_safe (0.3.6)
    tzinfo (1.2.5)
      thread_safe (~> 0.1)
    unicode-display_width (1.5.0)
    xcodeproj (1.8.2)
      CFPropertyList (>= 2.3.3, < 4.0)
      atomos (~> 0.1.3)
      claide (>= 1.0.2, < 2.0)
      colored2 (~> 3.1)
      nanaimo (~> 0.2.6)
    xcpretty (0.3.0)
      rouge (~> 2.0.7)
    xcpretty-json-formatter (0.1.1)
      xcpretty (~> 0.2, >= 0.0.7)

PLATFORMS
  ruby

DEPENDENCIES
  cocoapods (~> 1.6.1)
  danger (~> 6.0.3)
  danger-rubocop (~> 0.6)
  danger-xcode_summary (~> 0.4)
  git (~> 1.3)
  plist (~> 3.2)
  rake (~> 12.0)
  rubocop (~> 0.50)
  xcpretty (~> 0.3.0)
  xcpretty-json-formatter (~> 0.1)

RUBY VERSION
   ruby 2.6.2p47

BUNDLED WITH
   2.0.1
