GEM
  remote: https://rubygems.org/
  specs:
    CFPropertyList (2.3.5)
    activesupport (4.2.8)
      i18n (~> 0.7)
      minitest (~> 5.1)
      thread_safe (~> 0.3, >= 0.3.4)
      tzinfo (~> 1.1)
    addressable (2.5.1)
      public_suffix (~> 2.0, >= 2.0.2)
    ast (2.3.0)
    claide (1.0.1)
    claide-plugins (0.9.2)
      cork
      nap
      open4 (~> 1.3)
    clamp (0.6.5)
    cocoapods (1.2.1)
      activesupport (>= 4.0.2, < 5)
      claide (>= 1.0.1, < 2.0)
      cocoapods-core (= 1.2.1)
      cocoapods-deintegrate (>= 1.0.1, < 2.0)
      cocoapods-downloader (>= 1.1.3, < 2.0)
      cocoapods-plugins (>= 1.0.0, < 2.0)
      cocoapods-search (>= 1.0.0, < 2.0)
      cocoapods-stats (>= 1.0.0, < 2.0)
      cocoapods-trunk (>= 1.2.0, < 2.0)
      cocoapods-try (>= 1.1.0, < 2.0)
      colored2 (~> 3.1)
      escape (~> 0.0.4)
      fourflusher (~> 2.0.1)
      gh_inspector (~> 1.0)
      molinillo (~> 0.5.7)
      nap (~> 1.0)
      ruby-macho (~> 1.1)
      xcodeproj (>= 1.4.4, < 2.0)
    cocoapods-core (1.2.1)
      activesupport (>= 4.0.2, < 5)
      fuzzy_match (~> 2.0.4)
      nap (~> 1.0)
    cocoapods-deintegrate (1.0.1)
    cocoapods-downloader (1.1.3)
    cocoapods-plugins (1.0.0)
      nap
    cocoapods-search (1.0.0)
    cocoapods-stats (1.0.0)
    cocoapods-trunk (1.2.0)
      nap (>= 0.8, < 2.0)
      netrc (= 0.7.8)
    cocoapods-try (1.1.0)
    colored2 (3.1.2)
    cork (0.3.0)
      colored2 (~> 3.1)
    danger (4.3.3)
      claide (~> 1.0)
      claide-plugins (>= 0.9.2)
      colored2 (~> 3.1)
      cork (~> 0.1)
      faraday (~> 0.9)
      faraday-http-cache (~> 1.0)
      git (~> 1)
      kramdown (~> 1.5)
      octokit (~> 4.2)
      terminal-table (~> 1)
    danger-plugin-api (1.0.0)
      danger (> 2.0)
    danger-rubocop (0.4.0)
      danger
      rubocop
    danger-slather (0.0.6)
      danger-plugin-api (~> 1.0)
      slather (~> 2.3)
    danger-xcode_summary (0.1.4)
      danger-plugin-api (~> 1.0)
    escape (0.0.4)
    faraday (0.12.0.1)
      multipart-post (>= 1.2, < 3)
    faraday-http-cache (1.3.1)
      faraday (~> 0.8)
    fourflusher (2.0.1)
    fuzzy_match (2.0.4)
    gh_inspector (1.0.3)
    git (1.3.0)
    i18n (0.8.1)
    kramdown (1.13.2)
    mini_portile2 (2.1.0)
    minitest (5.10.1)
    molinillo (0.5.7)
    multipart-post (2.0.0)
    nanaimo (0.2.3)
    nap (1.1.0)
    netrc (0.7.8)
    nokogiri (1.7.1)
      mini_portile2 (~> 2.1.0)
    octokit (4.7.0)
      sawyer (~> 0.8.0, >= 0.5.3)
    open4 (1.3.4)
    parallel (1.12.0)
    parser (2.4.0.0)
      ast (~> 2.2)
    plist (3.2.0)
    powerpack (0.1.1)
    public_suffix (2.0.5)
    rainbow (2.2.2)
      rake
    rake (12.0.0)
    rouge (1.11.1)
    rubocop (0.49.1)
      parallel (~> 1.10)
      parser (>= 2.3.3.1, < 3.0)
      powerpack (~> 0.1)
      rainbow (>= 1.99.1, < 3.0)
      ruby-progressbar (~> 1.7)
      unicode-display_width (~> 1.0, >= 1.0.1)
    ruby-macho (1.1.0)
    ruby-progressbar (1.8.1)
    sawyer (0.8.1)
      addressable (>= 2.3.5, < 2.6)
      faraday (~> 0.8, < 1.0)
    slather (2.4.1)
      CFPropertyList (~> 2.2)
      activesupport (>= 4.0.2, < 5)
      clamp (~> 0.6)
      nokogiri (~> 1.6)
      xcodeproj (~> 1.4)
    terminal-table (1.7.3)
      unicode-display_width (~> 1.1.1)
    thread_safe (0.3.6)
    tzinfo (1.2.3)
      thread_safe (~> 0.1)
    unicode-display_width (1.1.3)
    xcodeproj (1.4.4)
      CFPropertyList (~> 2.3.3)
      claide (>= 1.0.1, < 2.0)
      colored2 (~> 3.1)
      nanaimo (~> 0.2.3)
    xcpretty (0.2.6)
      rouge (~> 1.8)
    xcpretty-json-formatter (0.1.0)
      xcpretty (~> 0.2, >= 0.0.7)
    xcpretty-travis-formatter (0.0.4)
      xcpretty (~> 0.2, >= 0.0.7)

PLATFORMS
  ruby

DEPENDENCIES
  cocoapods (= 1.2.1)
  danger (= 4.3.3)
  danger-rubocop (= 0.4.0)
  danger-slather (= 0.0.6)
  danger-xcode_summary (= 0.1.4)
  git (= 1.3.0)
  plist (= 3.2.0)
  rake (= 12.0.0)
  rubocop (= 0.49.1)
  xcpretty-json-formatter (= 0.1.0)
  xcpretty-travis-formatter (= 0.0.4)

RUBY VERSION
   ruby 2.4.2p198

BUNDLED WITH
   1.15.4
